PATH
  remote: .
  specs:
    calandroid-widget-extension (0.0.4)
      calabash-android (~> 0.5)
      to_boolean (~> 1.0)

GEM
  remote: https://rubygems.org/
  specs:
    ansi (1.4.3)
    ast (2.0.0)
    astrolabe (1.3.0)
      parser (>= 2.2.0.pre.3, < 3.0)
    awesome_print (1.2.0)
    builder (3.2.2)
    calabash-android (0.5.2)
      awesome_print
      cucumber
      escape (~> 0.0.4)
      httpclient (~> 2.3.2)
      json
      retriable (~> 1.3.3.1)
      rubyzip (~> 1.1)
      slowhandcuke
    cucumber (1.3.17)
      builder (>= 2.1.2)
      diff-lcs (>= 1.1.3)
      gherkin (~> 2.12)
      multi_json (>= 1.7.5, < 2.0)
      multi_test (>= 0.1.1)
    diff-lcs (1.2.5)
    escape (0.0.4)
    gherkin (2.12.2)
      multi_json (~> 1.3)
    httpclient (2.3.4.1)
    json (1.8.1)
    minitest (5.4.1)
    minitest-reporters (1.0.5)
      ansi
      builder
      minitest (>= 5.0)
      ruby-progressbar
    multi_json (1.10.1)
    multi_test (0.1.1)
    parser (2.2.0.pre.5)
      ast (>= 1.1, < 3.0)
      slop (~> 3.4, >= 3.4.5)
    powerpack (0.0.9)
    rainbow (2.0.0)
    rake (10.3.2)
    retriable (1.3.3.1)
    rubocop (0.26.1)
      astrolabe (~> 1.3)
      parser (>= 2.2.0.pre.4, < 3.0)
      powerpack (~> 0.0.6)
      rainbow (>= 1.99.1, < 3.0)
      ruby-progressbar (~> 1.4)
    ruby-progressbar (1.5.1)
    rubyzip (1.1.6)
    slop (3.6.0)
    slowhandcuke (0.0.3)
      cucumber
    to_boolean (1.0.2)

PLATFORMS
  ruby

DEPENDENCIES
  calandroid-widget-extension!
  minitest (~> 5.4)
  minitest-reporters (~> 1.0)
  rake (~> 10.3)
  rubocop (~> 0.26)
