PATH
  remote: .
  specs:
    calandroid-widget-extension (0.0.1)
      calabash-android (~> 0.5)
      to_boolean (~> 1.0)

GEM
  remote: https://rubygems.org/
  specs:
    ansi (1.4.3)
    awesome_print (1.2.0)
    builder (3.2.2)
    calabash-android (0.5.2)
      awesome_print
      cucumber
      escape (~> 0.0.4)
      httpclient (~> 2.3.2)
      json
      retriable (~> 1.3.3.1)
      rubyzip (~> 1.1)
      slowhandcuke
    cucumber (1.3.16)
      builder (>= 2.1.2)
      diff-lcs (>= 1.1.3)
      gherkin (~> 2.12)
      multi_json (>= 1.7.5, < 2.0)
      multi_test (>= 0.1.1)
    diff-lcs (1.2.5)
    escape (0.0.4)
    gherkin (2.12.2)
      multi_json (~> 1.3)
    httpclient (2.3.4.1)
    json (1.8.1)
    minitest (5.4.1)
    minitest-reporters (1.0.5)
      ansi
      builder
      minitest (>= 5.0)
      ruby-progressbar
    multi_json (1.10.1)
    multi_test (0.1.1)
    rake (10.3.2)
    retriable (1.3.3.1)
    ruby-progressbar (1.5.1)
    rubyzip (1.1.6)
    slowhandcuke (0.0.3)
      cucumber
    to_boolean (1.0.1)

PLATFORMS
  ruby

DEPENDENCIES
  calandroid-widget-extension!
  minitest (~> 5.4)
  minitest-reporters (~> 1.0)
  rake (~> 10.3)
